GIT
  remote: git://github.com/nhosoya/omniauth-apple.git
  revision: 45cf13da08dab2e5e6aca0eeaf479e741b8e78cc
  specs:
    omniauth-apple (1.0.0)
      jwt
      omniauth-oauth2

GIT
  remote: https://github.com/ClarkSource/rails_email_preview
  revision: 5221668dfa480ec1840362e172499ee9d1529070
  branch: rails5
  specs:
    rails_email_preview (2.0.4)
      rails (>= 4.2)
      request_store
      sass
      turbolinks

GIT
  remote: https://github.com/ClarkSource/ripcord
  revision: 29c48a3a17cb85e750f321c9e06bc08ea937a0ba
  ref: 29c48a3a17cb85e750f321c9e06bc08ea937a0ba
  specs:
    ripcord (0.1.0)

GIT
  remote: https://github.com/comfy/comfortable-mexican-sofa
  revision: e637a8ebecaf74592bf924231ae51e6d1e365cb5
  tag: v2.0.19
  specs:
    comfortable_mexican_sofa (2.0.19)
      active_link_to (>= 1.0.0)
      comfy_bootstrap_form (>= 4.0.0)
      haml-rails (>= 1.0.0)
      jquery-rails (>= 4.3.1)
      kramdown (>= 1.0.0)
      mimemagic (>= 0.3.2)
      mini_magick (>= 4.8.0)
      rails (>= 5.2.0)
      rails-i18n (>= 5.0.0)
      sassc-rails (>= 2.0.0)

PATH
  remote: gems/clark_faker
  specs:
    clark_faker (0.1.0)
      faker (~> 2.2.1)

PATH
  remote: gems/contract_price_calculator
  specs:
    contract_price_calculator (0.1.0)

GEM
  remote: https://rubygems.org/
  specs:
    actioncable (5.2.4.3)
      actionpack (= 5.2.4.3)
      nio4r (~> 2.0)
      websocket-driver (>= 0.6.1)
    actionmailer (5.2.4.3)
      actionpack (= 5.2.4.3)
      actionview (= 5.2.4.3)
      activejob (= 5.2.4.3)
      mail (~> 2.5, >= 2.5.4)
      rails-dom-testing (~> 2.0)
    actionpack (5.2.4.3)
      actionview (= 5.2.4.3)
      activesupport (= 5.2.4.3)
      rack (~> 2.0, >= 2.0.8)
      rack-test (>= 0.6.3)
      rails-dom-testing (~> 2.0)
      rails-html-sanitizer (~> 1.0, >= 1.0.2)
    actionview (5.2.4.3)
      activesupport (= 5.2.4.3)
      builder (~> 3.1)
      erubi (~> 1.4)
      rails-dom-testing (~> 2.0)
      rails-html-sanitizer (~> 1.0, >= 1.0.3)
    active_link_to (1.0.5)
      actionpack
      addressable
    active_model_serializers (0.10.12)
      actionpack (>= 4.1, < 6.2)
      activemodel (>= 4.1, < 6.2)
      case_transform (>= 0.2)
      jsonapi-renderer (>= 0.1.1.beta1, < 0.3)
    active_record_union (1.3.0)
      activerecord (>= 4.0)
    activejob (5.2.4.3)
      activesupport (= 5.2.4.3)
      globalid (>= 0.3.6)
    activejob_dj_overrides (0.2.0)
      delayed_job
      rails (>= 4.2)
    activemodel (5.2.4.3)
      activesupport (= 5.2.4.3)
    activemodel-serializers-xml (1.0.2)
      activemodel (> 5.x)
      activesupport (> 5.x)
      builder (~> 3.1)
    activerecord (5.2.4.3)
      activemodel (= 5.2.4.3)
      activesupport (= 5.2.4.3)
      arel (>= 9.0)
    activerecord-import (1.0.7)
      activerecord (>= 3.2)
    activerecord-nulldb-adapter (0.5.1)
      activerecord (>= 5.2.0)
    activestorage (5.2.4.3)
      actionpack (= 5.2.4.3)
      activerecord (= 5.2.4.3)
      marcel (~> 0.3.1)
    activesupport (5.2.4.3)
      concurrent-ruby (~> 1.0, >= 1.0.2)
      i18n (>= 0.7, < 2)
      minitest (~> 5.1)
      tzinfo (~> 1.1)
    addressable (2.7.0)
      public_suffix (>= 2.0.2, < 5.0)
    ahoy_email (0.5.2)
      actionmailer
      activerecord
      addressable (>= 2.3.2)
      nokogiri
      railties
      safely_block (>= 0.1.1)
    ahoy_matey (2.1.0)
      addressable
      browser (~> 2.0)
      device_detector
      geocoder (>= 1.4.5)
      railties (>= 4.2)
      referer-parser (>= 0.3)
      request_store
      safely_block (>= 0.2.1)
      user_agent_parser
    akami (1.3.1)
      gyoku (>= 0.4.0)
      nokogiri
    allure-cucumber (2.13.4)
      allure-ruby-commons (= 2.13.4)
      cucumber (~> 3.1)
    allure-ruby-commons (2.13.4)
      json (>= 1.8, < 3)
      mime-types (~> 3.3)
      require_all (>= 2, < 4)
      uuid (~> 2.3)
    annotate (3.1.1)
      activerecord (>= 3.2, < 7.0)
      rake (>= 10.4, < 14.0)
    arel (9.0.0)
    ast (2.4.1)
    attr_encrypted (3.1.0)
      encryptor (~> 3.0.0)
    autoprefixer-rails (9.8.6.3)
      execjs
    aws-eventstream (1.1.0)
    aws-partitions (1.409.0)
    aws-sdk-core (3.110.0)
      aws-eventstream (~> 1, >= 1.0.2)
      aws-partitions (~> 1, >= 1.239.0)
      aws-sigv4 (~> 1.1)
      jmespath (~> 1.0)
    aws-sdk-kms (1.39.0)
      aws-sdk-core (~> 3, >= 3.109.0)
      aws-sigv4 (~> 1.1)
    aws-sdk-s3 (1.67.1)
      aws-sdk-core (~> 3, >= 3.96.1)
      aws-sdk-kms (~> 1)
      aws-sigv4 (~> 1.1)
    aws-sdk-sns (1.24.0)
      aws-sdk-core (~> 3, >= 3.71.0)
      aws-sigv4 (~> 1.1)
    aws-sdk-sqs (1.35.0)
      aws-sdk-core (~> 3, >= 3.109.0)
      aws-sigv4 (~> 1.1)
    aws-sigv4 (1.2.2)
      aws-eventstream (~> 1, >= 1.0.2)
    backports (3.18.2)
    bcrypt (3.1.16)
    bcrypt_pbkdf (1.0.1)
    best_in_place (3.1.1)
      actionpack (>= 3.2)
      railties (>= 3.2)
    better_errors (2.9.1)
      coderay (>= 1.0.0)
      erubi (>= 1.0.0)
      rack (>= 0.9.0)
    bindex (0.8.1)
    binding_of_caller (0.8.0)
      debug_inspector (>= 0.0.1)
    bootsnap (1.5.1)
      msgpack (~> 1.0)
    bootstrap4-kaminari-views (1.0.1)
      kaminari (>= 0.13)
      rails (>= 3.1)
    bootstrap_form (4.5.0)
      actionpack (>= 5.2)
      activemodel (>= 5.2)
    brakeman (4.10.0)
    browser (2.7.1)
    browsermob-proxy (0.3.1)
      childprocess (~> 0.5)
      har
      multi_json (~> 1.0)
      rest-client
    builder (3.2.4)
    bullet (6.1.2)
      activesupport (>= 3.0.0)
      uniform_notifier (~> 1.11)
    bundler-audit (0.7.0.1)
      bundler (>= 1.2.0, < 3)
      thor (>= 0.18, < 2)
    byebug (11.1.3)
    capybara (3.34.0)
      addressable
      mini_mime (>= 0.1.3)
      nokogiri (~> 1.8)
      rack (>= 1.6.0)
      rack-test (>= 0.6.3)
      regexp_parser (~> 1.5)
      xpath (~> 3.2)
    capybara-screenshot (1.0.25)
      capybara (>= 1.0, < 4)
      launchy
    carrierwave (1.2.1)
      activemodel (>= 4.0.0)
      activesupport (>= 4.0.0)
      mime-types (>= 1.16)
    carrierwave-base64 (2.8.0)
      carrierwave (>= 0.8.0)
      mime-types (~> 3.0)
      mimemagic (~> 0.3.2)
    case_transform (0.2)
      activesupport
    childprocess (0.9.0)
      ffi (~> 1.0, >= 1.0.11)
    chosen-rails (1.9.0)
      coffee-rails (>= 3.2)
      railties (>= 3.0)
      sassc-rails (>= 2.1.2)
    chronic (0.10.2)
    chunky_png (1.3.15)
    coderay (1.1.3)
    coffee-rails (5.0.0)
      coffee-script (>= 2.2.0)
      railties (>= 5.2.0)
    coffee-script (2.4.1)
      coffee-script-source
      execjs
    coffee-script-source (1.12.2)
    combine_pdf (1.0.21)
      ruby-rc4 (>= 0.1.5)
    comfy_bootstrap_form (4.0.9)
      rails (>= 5.0.0)
    concurrent-ruby (1.1.7)
    config (2.2.3)
      deep_merge (~> 1.2, >= 1.2.1)
      dry-validation (~> 1.0, >= 1.0.0)
    connection_pool (2.2.3)
    countries (2.1.4)
      i18n_data (~> 0.8.0)
      money (~> 6.9)
      sixarm_ruby_unaccent (~> 1.1)
      unicode_utils (~> 1.4)
    country_select (3.1.1)
      countries (~> 2.0)
      sort_alphabetical (~> 1.0)
    crack (0.4.4)
    crass (1.0.6)
    css_parser (1.7.1)
      addressable
    cucumber (3.2.0)
      builder (>= 2.1.2)
      cucumber-core (~> 3.2.0)
      cucumber-expressions (~> 6.0.1)
      cucumber-wire (~> 0.0.1)
      diff-lcs (~> 1.3)
      gherkin (~> 5.1.0)
      multi_json (>= 1.7.5, < 2.0)
      multi_test (>= 0.1.2)
    cucumber-core (3.2.1)
      backports (>= 3.8.0)
      cucumber-tag_expressions (~> 1.1.0)
      gherkin (~> 5.0)
    cucumber-expressions (6.0.1)
    cucumber-tag_expressions (1.1.1)
    cucumber-wire (0.0.1)
    cucumber_priority (0.3.2)
      cucumber
    daemons (1.3.1)
    database_cleaner (1.8.5)
    database_cleaner-active_record (1.8.0)
      activerecord
      database_cleaner (~> 1.8.0)
    ddtrace (0.43.0)
      msgpack
    debase (0.2.4.1)
      debase-ruby_core_source (>= 0.10.2)
    debase-ruby_core_source (0.10.11)
    debug_inspector (0.0.3)
    declarative (0.0.20)
    declarative-option (0.1.0)
    deep_merge (1.2.1)
    delayed_job (4.1.9)
      activesupport (>= 3.0, < 6.2)
    delayed_job_active_record (4.1.4)
      activerecord (>= 3.0, < 6.1)
      delayed_job (>= 3.0, < 5)
    delayed_job_web (1.4.3)
      activerecord (> 3.0.0)
      delayed_job (> 2.0.3)
      rack-protection (>= 1.5.5)
      sinatra (>= 1.4.4)
    device_detector (1.0.5)
    devise (4.7.3)
      bcrypt (~> 3.0)
      orm_adapter (~> 0.1)
      railties (>= 4.1.0)
      responders
      warden (~> 1.2.3)
    devise-security (0.14.3)
      devise (>= 4.3.0, < 5.0)
      rails (>= 4.2.0, < 7.0)
    diff-lcs (1.4.4)
    docile (1.3.2)
    domain_name (0.5.20190701)
      unf (>= 0.0.5, < 1.0.0)
    draper (4.0.1)
      actionpack (>= 5.0)
      activemodel (>= 5.0)
      activemodel-serializers-xml (>= 1.0)
      activesupport (>= 5.0)
      request_store (>= 1.0)
    dropzonejs-rails (0.8.5)
      rails (> 3.1)
    dry-auto_inject (0.7.0)
      dry-container (>= 0.3.4)
    dry-configurable (0.11.6)
      concurrent-ruby (~> 1.0)
      dry-core (~> 0.4, >= 0.4.7)
      dry-equalizer (~> 0.2)
    dry-container (0.7.2)
      concurrent-ruby (~> 1.0)
      dry-configurable (~> 0.1, >= 0.1.3)
    dry-core (0.4.10)
      concurrent-ruby (~> 1.0)
    dry-equalizer (0.3.0)
    dry-inflector (0.2.0)
    dry-initializer (3.0.4)
    dry-logic (1.0.8)
      concurrent-ruby (~> 1.0)
      dry-core (~> 0.2)
      dry-equalizer (~> 0.2)
    dry-schema (1.5.6)
      concurrent-ruby (~> 1.0)
      dry-configurable (~> 0.8, >= 0.8.3)
      dry-core (~> 0.4)
      dry-equalizer (~> 0.2)
      dry-initializer (~> 3.0)
      dry-logic (~> 1.0)
      dry-types (~> 1.4)
    dry-struct (1.3.0)
      dry-core (~> 0.4, >= 0.4.4)
      dry-equalizer (~> 0.3)
      dry-types (~> 1.3)
      ice_nine (~> 0.11)
    dry-types (1.4.0)
      concurrent-ruby (~> 1.0)
      dry-container (~> 0.3)
      dry-core (~> 0.4, >= 0.4.4)
      dry-equalizer (~> 0.3)
      dry-inflector (~> 0.1, >= 0.1.2)
      dry-logic (~> 1.0, >= 1.0.2)
    dry-validation (1.6.0)
      concurrent-ruby (~> 1.0)
      dry-container (~> 0.7, >= 0.7.1)
      dry-core (~> 0.4)
      dry-equalizer (~> 0.2)
      dry-initializer (~> 3.0)
      dry-schema (~> 1.5, >= 1.5.2)
    ed25519 (1.2.4)
    em-websocket (0.5.2)
      eventmachine (>= 0.12.9)
      http_parser.rb (~> 0.6.0)
    email_validator (2.2.2)
      activemodel
    encryptor (3.0.0)
    enum_help (0.0.17)
      activesupport (>= 3.0.0)
    errbase (0.2.0)
    erubi (1.10.0)
    erubis (2.7.0)
    eventmachine (1.2.7)
    excon (0.78.1)
    execjs (2.7.0)
    facets (3.1.0)
    factory_bot (4.11.1)
      activesupport (>= 3.0.0)
    factory_bot_rails (4.11.1)
      factory_bot (~> 4.11.1)
      railties (>= 3.0.0)
    faker (2.2.1)
      i18n (>= 0.8)
    faraday (0.17.3)
      multipart-post (>= 1.2, < 3)
    fastri (0.3.1.1)
    ffi (1.13.1)
    ffi-compiler (1.0.1)
      ffi (>= 1.0.0)
      rake
    fivemat (1.3.7)
    flamegraph (0.9.5)
    fog-aws (3.7.0)
      fog-core (~> 2.1)
      fog-json (~> 1.1)
      fog-xml (~> 0.1)
      ipaddress (~> 0.8)
    fog-core (2.2.3)
      builder
      excon (~> 0.71)
      formatador (~> 0.2)
      mime-types
    fog-json (1.2.0)
      fog-core
      multi_json (~> 1.10)
    fog-xml (0.1.3)
      fog-core
      nokogiri (>= 1.5.11, < 2.0.0)
    font-awesome-sass (5.15.1)
      sassc (>= 1.11)
    formatador (0.2.5)
    gc_stats (1.0.0)
    geocoder (1.6.4)
    get_process_mem (0.2.7)
      ffi (~> 1.0)
    gherkin (5.1.0)
    gibbon (3.3.4)
      faraday (>= 0.16.0)
      multi_json (>= 1.11.0)
    globalid (0.4.2)
      activesupport (>= 4.2.0)
    grape (1.5.1)
      activesupport
      builder
      dry-types (>= 1.1)
      mustermann-grape (~> 1.0.0)
      rack (>= 1.3.0)
      rack-accept
    grape-entity (0.8.2)
      activesupport (>= 3.0.0)
      multi_json (>= 1.3.2)
    grape-swagger (1.3.1)
      grape (~> 1.3)
    grape-swagger-entity (0.5.1)
      grape-entity (>= 0.6.0)
      grape-swagger (>= 1.2.0)
    grape-swagger-rails (0.3.1)
      railties (>= 3.2.12)
    grape-swagger-representable (0.2.2)
      grape-swagger (>= 0.31.0)
      representable
    grape_logging (1.8.4)
      grape
      rack
    groupdate (5.2.1)
      activesupport (>= 5)
    guard (2.16.2)
      formatador (>= 0.2.4)
      listen (>= 2.7, < 4.0)
      lumberjack (>= 1.0.12, < 2.0)
      nenv (~> 0.1)
      notiffany (~> 0.0)
      pry (>= 0.9.12)
      shellany (~> 0.0)
      thor (>= 0.18.1)
    guard-compat (1.2.1)
    guard-livereload (2.5.2)
      em-websocket (~> 0.5)
      guard (~> 2.8)
      guard-compat (~> 1.0)
      multi_json (~> 1.8)
    guard-rspec (4.7.3)
      guard (~> 2.1)
      guard-compat (~> 1.1)
      rspec (>= 2.99.0, < 4.0)
    guard-shell (0.7.1)
      guard (>= 2.0.0)
      guard-compat (~> 1.0)
    gyoku (1.3.1)
      builder (>= 2.1.2)
    haml (5.2.0)
      temple (>= 0.8.0)
      tilt
    haml-rails (2.0.1)
      actionpack (>= 5.1)
      activesupport (>= 5.1)
      haml (>= 4.0.6, < 6.0)
      html2haml (>= 1.0.1)
      railties (>= 5.1)
    har (0.1.5)
      jschematic (>= 0.1.0)
      json
      launchy (>= 0.3.7)
    has_scope (0.7.2)
      actionpack (>= 4.1)
      activesupport (>= 4.1)
    hashdiff (1.0.1)
    hashie (4.1.0)
    hashie-forbidden_attributes (0.1.1)
      hashie (>= 3.0)
    highline (2.0.3)
    html2haml (2.2.0)
      erubis (~> 2.7.0)
      haml (>= 4.0, < 6)
      nokogiri (>= 1.6.0)
      ruby_parser (~> 3.5)
    htmlentities (4.3.4)
    http (4.4.1)
      addressable (~> 2.3)
      http-cookie (~> 1.0)
      http-form_data (~> 2.2)
      http-parser (~> 1.2.0)
    http-accept (1.7.0)
    http-cookie (1.0.3)
      domain_name (~> 0.5)
    http-form_data (2.3.0)
    http-parser (1.2.1)
      ffi-compiler (>= 1.0, < 2.0)
    http_parser.rb (0.6.0)
    httpclient (2.8.3)
    httpi (2.4.5)
      rack
      socksify
    i18n (1.0.1)
      concurrent-ruby (~> 1.0)
    i18n_data (0.8.0)
    ibandit (1.2.3)
      i18n
    icalendar (2.7.0)
      ice_cube (~> 0.16)
    ice_cube (0.16.3)
    ice_nine (0.11.2)
    inherited_resources (1.12.0)
      actionpack (>= 5.2, < 6.2)
      has_scope (~> 0.6)
      railties (>= 5.2, < 6.2)
      responders (>= 2, < 4)
    inline_svg (1.7.2)
      activesupport (>= 3.0)
      nokogiri (>= 1.6)
    ipaddress (0.8.3)
    jbuilder (2.10.1)
      activesupport (>= 5.0.0)
    jmespath (1.4.0)
    jquery-rails (4.4.0)
      rails-dom-testing (>= 1, < 3)
      railties (>= 4.2.0)
      thor (>= 0.14, < 2.0)
    jquery-ui-rails (6.0.1)
      railties (>= 3.2.16)
    jschematic (0.1.0)
      addressable
    json (1.8.6)
    json-schema (2.8.1)
      addressable (>= 2.4)
    jsonapi-renderer (0.2.2)
    jsonapi-serializers (1.0.1)
      activesupport
    jwt (2.2.2)
    kaminari (1.2.1)
      activesupport (>= 4.1.0)
      kaminari-actionview (= 1.2.1)
      kaminari-activerecord (= 1.2.1)
      kaminari-core (= 1.2.1)
    kaminari-actionview (1.2.1)
      actionview
      kaminari-core (= 1.2.1)
    kaminari-activerecord (1.2.1)
      activerecord
      kaminari-core (= 1.2.1)
    kaminari-core (1.2.1)
    kgio (2.11.3)
    koala (3.0.0)
      addressable
      faraday
      json (>= 1.8)
    kramdown (2.3.0)
      rexml
    launchy (2.5.0)
      addressable (~> 2.7)
    letter_opener (1.7.0)
      launchy (~> 2.2)
    listen (3.2.1)
      rb-fsevent (~> 0.10, >= 0.10.3)
      rb-inotify (~> 0.9, >= 0.9.10)
    lodash-rails (4.17.15)
      railties (>= 3.1)
    lograge (0.11.2)
      actionpack (>= 4)
      activesupport (>= 4)
      railties (>= 4)
      request_store (~> 1.0)
    logstash-event (1.2.02)
    loofah (2.8.0)
      crass (~> 1.0.2)
      nokogiri (>= 1.5.9)
    luhn (1.0.2)
    lumberjack (1.2.8)
    macaddr (1.7.2)
      systemu (~> 2.6.5)
    mail (2.7.1)
      mini_mime (>= 0.1.1)
    mandrill-api (1.0.53)
      excon (>= 0.16.0, < 1.0)
      json (>= 1.7.7, < 2.0)
    mandrill_dm (1.3.6)
      mail (>= 2.6)
      mandrill-api (~> 1.0.53)
    marcel (0.3.3)
      mimemagic (~> 0.3.2)
    memoist (0.16.2)
    method_source (1.0.0)
    migration_data (0.6.0)
    mime-types (3.3.1)
      mime-types-data (~> 3.2015)
    mime-types-data (3.2020.1104)
    mimemagic (0.3.5)
    mini_magick (4.11.0)
    mini_mime (1.0.2)
    mini_portile2 (2.4.0)
    minitest (5.14.2)
    mobility (0.5.0)
      i18n (>= 0.6.10, < 1.1)
      request_store (~> 1.0)
    modernizr-rails (2.7.1)
    monetize (1.9.4)
      money (~> 6.12)
    money (6.13.8)
      i18n (>= 0.6.4, <= 2)
    money-rails (1.13.3)
      activesupport (>= 3.0)
      monetize (~> 1.9.0)
      money (~> 6.13.2)
      railties (>= 3.0)
    msgpack (1.3.3)
    multi_json (1.15.0)
    multi_test (0.1.2)
    multi_xml (0.6.0)
    multipart-post (2.1.1)
    mustermann (1.1.1)
      ruby2_keywords (~> 0.0.1)
    mustermann-grape (1.0.1)
      mustermann (>= 1.0.0)
    nenv (0.3.0)
    net-sftp (3.0.0)
      net-ssh (>= 5.0.0, < 7.0.0)
    net-ssh (6.1.0)
    netrc (0.11.0)
    nio4r (2.5.4)
    nokogiri (1.10.10)
      mini_portile2 (~> 2.4.0)
    nokogumbo (2.0.2)
      nokogiri (~> 1.8, >= 1.8.4)
    nori (2.6.0)
    notiffany (0.1.3)
      nenv (~> 0.1)
      shellany (~> 0.0)
    oauth2 (1.4.4)
      faraday (>= 0.8, < 2.0)
      jwt (>= 1.0, < 3.0)
      multi_json (~> 1.3)
      multi_xml (~> 0.5)
      rack (>= 1.2, < 3)
    omniauth (1.9.1)
      hashie (>= 3.4.6)
      rack (>= 1.6.2, < 3)
    omniauth-facebook (8.0.0)
      omniauth-oauth2 (~> 1.2)
    omniauth-oauth2 (1.7.0)
      oauth2 (~> 1.4)
      omniauth (~> 1.9)
    omniauth-rails_csrf_protection (0.1.2)
      actionpack (>= 4.2)
      omniauth (>= 1.3.1)
    options (2.3.2)
    orm_adapter (0.5.0)
    parallel (1.20.1)
    parallel_tests (2.32.0)
      parallel
    parser (2.7.2.0)
      ast (~> 2.4.1)
    pdfkit (0.8.4.3.2)
    pg (1.2.3)
    phony (2.18.15)
    phony_rails (0.14.13)
      activesupport (>= 3.0)
      phony (> 2.15)
    premailer (1.14.2)
      addressable
      css_parser (>= 1.6.0)
      htmlentities (>= 4.0.0)
    premailer-rails (1.11.0)
      actionmailer (>= 3)
      premailer (~> 1.7, >= 1.7.9)
    progress_bar (1.3.3)
      highline (>= 1.6, < 3)
      options (~> 2.3.0)
    prometheus-client (2.1.0)
    prometheus_exporter (0.6.0)
    pry (0.13.1)
      coderay (~> 1.1)
      method_source (~> 1.0)
    pry-byebug (3.9.0)
      byebug (~> 11.0)
      pry (~> 0.13.0)
    pry-doc (1.1.0)
      pry (~> 0.11)
      yard (~> 0.9.11)
    pry-rails (0.3.9)
      pry (>= 0.10.4)
    public_suffix (4.0.6)
    puma (5.1.1)
      nio4r (~> 2.0)
    puma-metrics (1.2.0)
      prometheus-client (>= 0.10)
      puma (>= 3.0)
    rack (2.2.3)
    rack-accept (0.4.5)
      rack (>= 0.4)
    rack-attack (6.3.1)
      rack (>= 1.0, < 3)
    rack-cors (1.1.1)
      rack (>= 2.0.0)
    rack-mini-profiler (2.2.0)
      rack (>= 1.2.0)
    rack-protection (2.0.8.1)
      rack
    rack-proxy (0.6.5)
      rack
    rack-reverse-proxy (0.12.0)
      rack (>= 1.0.0)
      rack-proxy (~> 0.6, >= 0.6.1)
    rack-test (1.1.0)
      rack (>= 1.0, < 3)
    rails (5.2.4.3)
      actioncable (= 5.2.4.3)
      actionmailer (= 5.2.4.3)
      actionpack (= 5.2.4.3)
      actionview (= 5.2.4.3)
      activejob (= 5.2.4.3)
      activemodel (= 5.2.4.3)
      activerecord (= 5.2.4.3)
      activestorage (= 5.2.4.3)
      activesupport (= 5.2.4.3)
      bundler (>= 1.3.0)
      railties (= 5.2.4.3)
      sprockets-rails (>= 2.0.0)
    rails-controller-testing (1.0.5)
      actionpack (>= 5.0.1.rc1)
      actionview (>= 5.0.1.rc1)
      activesupport (>= 5.0.1.rc1)
    rails-dom-testing (2.0.3)
      activesupport (>= 4.2.0)
      nokogiri (>= 1.6)
    rails-html-sanitizer (1.3.0)
      loofah (~> 2.3)
    rails-i18n (5.1.3)
      i18n (>= 0.7, < 2)
      railties (>= 5.0, < 6)
    rails_same_site_cookie (0.1.8)
      rack (>= 1.5)
      user_agent_parser (~> 2.5)
    railties (5.2.4.3)
      actionpack (= 5.2.4.3)
      activesupport (= 5.2.4.3)
      method_source
      rake (>= 0.8.7)
      thor (>= 0.19.0, < 2.0)
    rainbow (3.0.0)
    raindrops (0.19.1)
    rake (13.0.1)
    rb-fsevent (0.10.4)
    rb-inotify (0.10.1)
      ffi (~> 1.0)
    rcodetools (0.8.5.0)
    referer-parser (0.3.0)
    regexp_parser (1.8.2)
    renum (1.4.0)
    representable (3.0.4)
      declarative (< 0.1.0)
      declarative-option (< 0.2.0)
      uber (< 0.2.0)
    request_store (1.5.0)
      rack (>= 1.4)
    require_all (3.0.0)
    responders (3.0.1)
      actionpack (>= 5.0)
      railties (>= 5.0)
    rest-client (2.1.0)
      http-accept (>= 1.7.0, < 2.0)
      http-cookie (>= 1.0.2, < 2.0)
      mime-types (>= 1.16, < 4.0)
      netrc (~> 0.8)
    rexml (3.2.4)
    roo (2.8.3)
      nokogiri (~> 1)
      rubyzip (>= 1.3.0, < 3.0.0)
    roo-xls (1.2.0)
      nokogiri
      roo (>= 2.0.0, < 3)
      spreadsheet (> 0.9.0)
    rspec (3.10.0)
      rspec-core (~> 3.10.0)
      rspec-expectations (~> 3.10.0)
      rspec-mocks (~> 3.10.0)
    rspec-activejob (0.6.1)
      activejob (>= 4.2)
      rspec-mocks
    rspec-core (3.10.0)
      rspec-support (~> 3.10.0)
    rspec-expectations (3.10.0)
      diff-lcs (>= 1.2.0, < 2.0)
      rspec-support (~> 3.10.0)
    rspec-mocks (3.10.0)
      diff-lcs (>= 1.2.0, < 2.0)
      rspec-support (~> 3.10.0)
    rspec-rails (4.0.1)
      actionpack (>= 4.2)
      activesupport (>= 4.2)
      railties (>= 4.2)
      rspec-core (~> 3.9)
      rspec-expectations (~> 3.9)
      rspec-mocks (~> 3.9)
      rspec-support (~> 3.9)
    rspec-retry (0.6.2)
      rspec-core (> 3.3)
    rspec-support (3.10.0)
    rspec_junit_formatter (0.4.1)
      rspec-core (>= 2, < 4, != 2.12.0)
    rswag-api (2.2.0)
      railties (>= 3.1, < 6.1)
    rswag-specs (2.2.0)
      activesupport (>= 3.1, < 6.1)
      json-schema (~> 2.2)
      railties (>= 3.1, < 6.1)
    rswag-ui (2.2.0)
      actionpack (>= 3.1, < 6.1)
      railties (>= 3.1, < 6.1)
    rubocop (1.6.1)
      parallel (~> 1.10)
      parser (>= 2.7.1.5)
      rainbow (>= 2.2.2, < 4.0)
      regexp_parser (>= 1.8, < 3.0)
      rexml
      rubocop-ast (>= 1.2.0, < 2.0)
      ruby-progressbar (~> 1.7)
      unicode-display_width (>= 1.4.0, < 2.0)
    rubocop-ast (1.3.0)
      parser (>= 2.7.1.5)
    rubocop-git (0.1.3)
      rubocop (>= 0.24.1)
    rubocop-rails (2.9.0)
      activesupport (>= 4.2.0)
      rack (>= 1.1)
      rubocop (>= 0.90.0, < 2.0)
    rubocop-rspec (1.41.0)
      rubocop (>= 0.68.1)
    ruby-debug-ide (0.7.0)
      rake (>= 0.8.1)
    ruby-ole (1.2.12.2)
    ruby-progressbar (1.10.1)
    ruby-rc4 (0.1.5)
    ruby2_keywords (0.0.2)
    ruby_gntp (0.3.4)
    ruby_parser (3.15.0)
      sexp_processor (~> 4.9)
    rubyzip (1.3.0)
    safely_block (0.3.0)
      errbase (>= 0.1.1)
    sanitize (5.2.1)
      crass (~> 1.0.2)
      nokogiri (>= 1.8.0)
      nokogumbo (~> 2.0)
    sass (3.7.4)
      sass-listen (~> 4.0.0)
    sass-listen (4.0.0)
      rb-fsevent (~> 0.9, >= 0.9.4)
      rb-inotify (~> 0.9, >= 0.9.7)
    sass-rails (6.0.0)
      sassc-rails (~> 2.1, >= 2.1.1)
    sassc (2.4.0)
      ffi (~> 1.9)
    sassc-rails (2.1.2)
      railties (>= 4.0.0)
      sassc (>= 2.0)
      sprockets (> 3.0)
      sprockets-rails
      tilt
    savon (2.12.1)
      akami (~> 1.2)
      builder (>= 2.1.2)
      gyoku (~> 1.2)
      httpi (~> 2.3)
      nokogiri (>= 1.8.1)
      nori (~> 2.4)
      wasabi (~> 3.4)
    seed-fu (2.3.9)
      activerecord (>= 3.1)
      activesupport (>= 3.1)
    seedbank (0.5.0)
      rake (>= 10.0)
    selenium-webdriver (3.142.3)
      childprocess (>= 0.5, < 2.0)
      rubyzip (~> 1.2, >= 1.2.2)
    sentry-raven (2.13.0)
      faraday (>= 0.7.6, < 1.0)
    sexp_processor (4.15.1)
    shellany (0.0.1)
    shortener (0.8.2)
      voight_kampff (~> 1.1.2)
    shoulda-callback-matchers (1.1.4)
      activesupport (>= 3)
    shoulda-matchers (3.1.3)
      activesupport (>= 4.0.0)
    simple-spreadsheet (0.5.0)
      roo (~> 2.4)
      roo-xls (~> 1.0)
    simple_form (5.0.3)
      actionpack (>= 5.0)
      activemodel (>= 5.0)
    simple_xlsx_reader (1.0.4)
      nokogiri
      rubyzip
    simplecov (0.20.0)
      docile (~> 1.1)
      simplecov-html (~> 0.11)
      simplecov_json_formatter (~> 0.1)
    simplecov-html (0.12.3)
    simplecov-json (0.2.3)
      json
      simplecov
    simplecov_json_formatter (0.1.2)
    sinatra (2.0.8.1)
      mustermann (~> 1.0)
      rack (~> 2.0)
      rack-protection (= 2.0.8.1)
      tilt (~> 2.0)
    sixarm_ruby_unaccent (1.2.0)
    smarter_csv (1.2.6)
    socksify (1.7.1)
    sort_alphabetical (1.1.0)
      unicode_utils (>= 1.2.2)
    spreadsheet (1.2.6)
      ruby-ole (>= 1.0)
    spreewald (3.0.2)
      cucumber
      cucumber_priority (>= 0.3.0)
      rspec (>= 2.13.0)
    spring (2.1.1)
    spring-commands-rspec (1.0.4)
      spring (>= 0.9.1)
    sprockets (3.7.2)
      concurrent-ruby (~> 1.0)
      rack (> 1, < 3)
    sprockets-rails (3.2.2)
      actionpack (>= 4.0)
      activesupport (>= 4.0)
      sprockets (>= 3.0.0)
    stackprof (0.2.16)
    state_machines (0.5.0)
    state_machines-activemodel (0.7.1)
      activemodel (>= 4.1)
      state_machines (>= 0.5.0)
    state_machines-activerecord (0.6.0)
      activerecord (>= 4.1)
      state_machines-activemodel (>= 0.5.0)
    state_machines-rspec (0.6.0)
      activesupport
      rspec (~> 3.3)
      state_machines
    strong_migrations (0.7.3)
      activerecord (>= 5)
    swagger-blocks (3.0.0)
    systemu (2.6.5)
    table_print (1.5.7)
    telephone_number (1.4.9)
    temple (0.8.2)
    terminal-notifier-guard (1.7.0)
    text-hyphen (1.4.1)
    thor (1.0.1)
    thread_safe (0.3.6)
    tilt (2.0.10)
    timecop (0.9.2)
    trix (0.10.1)
      rails
    turbolinks (5.2.1)
      turbolinks-source (~> 5.2)
    turbolinks-source (5.2.0)
    tzinfo (1.2.8)
      thread_safe (~> 0.1)
    uber (0.1.0)
    uglifier (4.2.0)
      execjs (>= 0.3.0, < 3)
    unf (0.1.4)
      unf_ext
    unf_ext (0.0.7.7)
    unicode-display_width (1.7.0)
    unicode_utils (1.4.0)
    unicorn (5.7.0)
      kgio (~> 2.6)
      raindrops (~> 0.7)
    unicorn-rails (2.2.1)
      rack
      unicorn
    unicorn-worker-killer (0.4.4)
      get_process_mem (~> 0)
      unicorn (>= 4, < 6)
    uniform_notifier (1.13.0)
    user_agent_parser (2.7.0)
    uuid (2.3.9)
      macaddr (~> 1.0)
    uuidtools (2.2.0)
    validates_zipcode (0.3.3)
      activemodel (>= 4.2.0)
    vcr (6.0.0)
    voight_kampff (1.1.4)
      rack (>= 1.4, < 3.0)
    warden (1.2.9)
      rack (>= 2.0.9)
    wasabi (3.6.1)
      addressable
      httpi (~> 2.0)
      nokogiri (>= 1.4.2)
    web-console (3.7.0)
      actionview (>= 5.0)
      activemodel (>= 5.0)
      bindex (>= 0.4.0)
      railties (>= 5.0)
    webdrivers (4.4.1)
      nokogiri (~> 1.6)
      rubyzip (>= 1.3.0)
      selenium-webdriver (>= 3.0, < 4.0)
    webmock (3.11.0)
      addressable (>= 2.3.6)
      crack (>= 0.3.2)
      hashdiff (>= 0.4.0, < 2.0.0)
    websocket-driver (0.7.3)
      websocket-extensions (>= 0.1.0)
    websocket-extensions (0.1.5)
    wisper (2.0.1)
    wisper-activerecord (1.0.0)
      activerecord (>= 3.0.0)
      wisper (~> 2.0)
    wisper-rspec (1.1.0)
    write_xlsx (0.86.0)
      rubyzip (>= 1.0.0)
      zip-zip
    xpath (3.2.0)
      nokogiri (~> 1.8)
    yaml_db (0.7.0)
      rails (>= 3.0)
      rake (>= 0.8.7)
    yard (0.9.25)
    zip-zip (0.3)
      rubyzip (>= 1.0.0)

PLATFORMS
  ruby

DEPENDENCIES
  active_link_to (= 1.0.5)
  active_model_serializers (= 0.10.12)
  active_record_union (= 1.3)
  activejob_dj_overrides (= 0.2.0)
  activerecord-import (= 1.0.7)
  activerecord-nulldb-adapter (= 0.5.1)
  ahoy_email (= 0.5.2)
  ahoy_matey (= 2.1.0)
  allure-cucumber
  annotate
  attr_encrypted (= 3.1.0)
  autoprefixer-rails (= 9.8.6.3)
  aws-sdk-s3 (~> 1.67)
  aws-sdk-sns (~> 1.24)
  aws-sdk-sqs (~> 1.35)
  bcrypt_pbkdf (~> 1.0)
  best_in_place (= 3.1.1)
  better_errors
  binding_of_caller
  bootsnap (= 1.5.1)
  bootstrap4-kaminari-views (= 1.0.1)
  bootstrap_form (>= 4.2.0)
  brakeman
  browser (= 2.7.1)
  browsermob-proxy
  bullet
  bundler-audit
  capybara (~> 3.34.0)
  capybara-screenshot
  carrierwave (= 1.2.1)
  carrierwave-base64 (= 2.8.0)
  chosen-rails (= 1.9.0)
  chronic (= 0.10.2)
  chunky_png (= 1.3.15)
  clark_faker!
  coffee-rails (= 5.0.0)
  combine_pdf (= 1.0.21)
  comfortable_mexican_sofa!
  comfy_bootstrap_form (= 4.0.9)
  concurrent-ruby (~> 1.1)
  config (= 2.2.3)
  connection_pool (= 2.2.3)
  contract_price_calculator!
  countries (= 2.1.4)
  country_select (= 3.1.1)
  cucumber
  daemons (= 1.3.1)
  database_cleaner-active_record
  ddtrace (= 0.43.0)
  debase
  delayed_job (= 4.1.9)
  delayed_job_active_record (= 4.1.4)
  delayed_job_web (= 1.4.3)
  devise (= 4.7.3)
  devise-security (= 0.14.3)
  draper (= 4.0.1)
  dropzonejs-rails (= 0.8.5)
  dry-auto_inject (= 0.7.0)
  dry-struct
  dry-validation
  ed25519 (~> 1.2)
  email_validator (= 2.2.2)
  enum_help (= 0.0.17)
  facets (= 3.1.0)
  factory_bot_rails (= 4.11.1)
  faraday (~> 0.17.3)
  fastri
  fivemat (= 1.3.7)
  flamegraph
  fog-aws (= 3.7.0)
  font-awesome-sass (~> 5.15.1)
  gc_stats (~> 1.0)
  gibbon (= 3.3.4)
  grape (= 1.5.1)
  grape-entity (= 0.8.2)
  grape-swagger (= 1.3.1)
  grape-swagger-entity (= 0.5.1)
  grape-swagger-rails (= 0.3.1)
  grape-swagger-representable (= 0.2.2)
  grape_logging (= 1.8.4)
  groupdate (= 5.2.1)
  guard (= 2.16.2)
  guard-livereload (= 2.5.2)
  guard-rspec
  guard-shell
  haml (= 5.2.0)
  haml-rails (= 2.0.1)
  has_scope (= 0.7.2)
  hashie (= 4.1.0)
  hashie-forbidden_attributes (= 0.1.1)
  http (~> 4.4.1)
  httpclient (= 2.8.3)
  ibandit (~> 1.2.3)
  icalendar (= 2.7.0)
  inherited_resources (= 1.12.0)
  inline_svg (= 1.7.2)
  jbuilder (= 2.10.1)
  jquery-rails (= 4.4.0)
  jquery-ui-rails (= 6.0.1)
  json-schema (= 2.8.1)
  jsonapi-serializers
  jwt (= 2.2.2)
  kaminari (= 1.2.1)
  koala (= 3.0.0)
  letter_opener
  lodash-rails (= 4.17.15)
  lograge (= 0.11.2)
  logstash-event (= 1.2.02)
  luhn (= 1.0.2)
  mandrill_dm (= 1.3.6)
  memoist (= 0.16.2)
  migration_data (= 0.6.0)
  mini_magick (= 4.11.0)
  mobility (= 0.5.0)
  modernizr-rails (= 2.7.1)
  money-rails (= 1.13.3)
  net-sftp (~> 3.0)
  nokogiri (= 1.10.10)
  nori (= 2.6.0)
  omniauth (= 1.9.1)
  omniauth-apple!
  omniauth-facebook (= 8.0.0)
  omniauth-rails_csrf_protection (= 0.1.2)
  parallel_tests (= 2.32.0)
  pdfkit (= 0.8.4.3.2)
  pg (= 1.2.3)
  phony_rails (= 0.14.13)
  premailer-rails (= 1.11.0)
  progress_bar (= 1.3.3)
  prometheus_exporter (= 0.6.0)
  pry-byebug
  pry-doc
  pry-rails
  puma (= 5.1.1)
  puma-metrics (= 1.2.0)
  rack-attack (= 6.3.1)
  rack-cors (= 1.1.1)
  rack-mini-profiler (= 2.2.0)
  rack-reverse-proxy
  rails (= 5.2.4.3)
  rails-controller-testing (= 1.0.5)
  rails_email_preview!
  rails_same_site_cookie
  rcodetools
  renum (= 1.4.0)
  ripcord!
  rspec-activejob (= 0.6.1)
  rspec-rails (= 4.0.1)
  rspec-retry (= 0.6.2)
  rspec-support (= 3.10.0)
  rspec_junit_formatter (= 0.4.1)
  rswag-api
  rswag-specs
  rswag-ui
  rubocop (= 1.6.1)
  rubocop-git
  rubocop-rails
  rubocop-rspec
  ruby-debug-ide
  ruby_gntp
  rubyzip (= 1.3.0)
  sanitize
  sass-rails (= 6.0.0)
  savon (= 2.12.1)
  seed-fu (= 2.3.9)
  seedbank (= 0.5.0)
  selenium-webdriver (= 3.142.3)
  sentry-raven
  shortener
  shoulda-callback-matchers
  shoulda-matchers (= 3.1.3)
  simple-spreadsheet (= 0.5.0)
  simple_form (= 5.0.3)
  simple_xlsx_reader (= 1.0.4)
  simplecov
  simplecov-json
  smarter_csv (= 1.2.6)
  spreewald
  spring
  spring-commands-rspec
  sprockets (= 3.7.2)
  stackprof
  state_machines (= 0.5.0)
  state_machines-activerecord (= 0.6.0)
  state_machines-rspec (= 0.6.0)
  strong_migrations
  swagger-blocks
  table_print (= 1.5.7)
  telephone_number (= 1.4.9)
  terminal-notifier-guard
  text-hyphen (= 1.4.1)
  timecop
  trix
  uglifier (= 4.2.0)
  unicorn
  unicorn-rails
  unicorn-worker-killer
  uuidtools (= 2.2.0)
  validates_zipcode (= 0.3.3)
  vcr (~> 6.0.0)
  web-console (= 3.7.0)
  webdrivers (~> 4.4)
  webmock (~> 3.11.0)
  wisper (= 2.0.1)
  wisper-activerecord (= 1.0.0)
  wisper-rspec (= 1.1.0)
  write_xlsx (= 0.86.0)
  yaml_db

BUNDLED WITH
   1.17.3
